RESTRICTION: == net46
NUGET
  remote: https://www.nuget.org/api/v2
    ControlzEx (3.0.2.4)
    Exceptionless (4.3.2027)
    Exceptionless.Wpf (4.3.2027)
      Exceptionless (4.3.2027)
    FAKE (4.64.18)
    MahApps.Metro (1.6.5)
      ControlzEx (>= 3.0.2.4 < 4.0)
    MahApps.Metro.IconPacks.FontAwesome (3.7)
    Newtonsoft.Json (12.0.3)
    Octokit (0.46)
    RestSharp (106.10.1)
    System.ValueTuple (4.5)
    ToastNotifications (2.5.1)
