RESTRICTION: == net46
NUGET
  remote: https://www.nuget.org/api/v2
    Atlassian.SDK (2.5)
    Exceptionless (4.0.1955)
    Exceptionless.Portable (4.0.1955)
      Exceptionless (>= 4.0.1955)
    Exceptionless.Windows (4.0.1955)
      Exceptionless (4.0.1955)
    Exceptionless.Wpf (4.0.1955)
      Exceptionless (4.0.1955)
    MahApps.Metro (1.6.0-alpha009)
    MahApps.Metro.IconPacks.Modern (1.9)
    Newtonsoft.Json (10.0.3)
    RestSharp (105.2.3)
