FRAMEWORK: NET46
NUGET
  remote: https://www.nuget.org/api/v2
    Atlassian.SDK (2.5)
    Exceptionless (4.0.1924)
    Exceptionless.Portable (4.0.1924)
      Exceptionless (>= 4.0.1924)
    Exceptionless.Windows (4.0.1924)
      Exceptionless (4.0.1924)
    Exceptionless.Wpf (4.0.1924)
      Exceptionless (4.0.1924)
    MahApps.Metro (1.4.1)
    MahApps.Metro.IconPacks.Modern (1.6)
    Newtonsoft.Json (9.0.1)
    RestSharp (105.2.3)
