RESTRICTION: == net46
NUGET
  remote: https://www.nuget.org/api/v2
    Atlassian.SDK (2.5)
    ControlzEx (3.0.2.4)
    Exceptionless (4.3.2022)
    Exceptionless.Wpf (4.3.2022)
      Exceptionless (4.3.2022)
    FAKE (4.64.17)
    MahApps.Metro (1.6.5)
      ControlzEx (>= 3.0.2.4 < 4.0)
    MahApps.Metro.IconPacks.FontAwesome (2.3)
      ControlzEx (>= 3.0.2.4 < 4.0)
    Newtonsoft.Json (12.0.1)
    Octokit (0.32)
    RestSharp (106.6.9)
    System.ValueTuple (4.5)
    ToastNotifications (2.5)
