NUGET
  remote: https://www.nuget.org/api/v2
  specs:
    Atlassian.SDK (2.5)
    Exceptionless.Portable (3.5.1738)
    Exceptionless.Windows (3.5.1738)
      Exceptionless.Portable (3.5.1738)
    Exceptionless.Wpf (3.5.1738)
      Exceptionless.Portable (3.5.1738)
    MahApps.Metro (1.3.0-ALPHA155)
    Newtonsoft.Json (8.0.3)
    RestSharp (105.2.3)
