RESTRICTION: == net46
NUGET
  remote: https://www.nuget.org/api/v2
    Atlassian.SDK (2.5)
    ControlzEx (3.0.2.4)
    Exceptionless (4.3.2004)
    Exceptionless.Wpf (4.3.2004)
      Exceptionless (4.3.2004)
    FAKE (4.64.13)
    MahApps.Metro (1.6.5)
      ControlzEx (>= 3.0.2.4 < 4.0)
    MahApps.Metro.IconPacks.Modern (2.3)
      ControlzEx (>= 3.0.2.4 < 4.0)
    Newtonsoft.Json (11.0.2)
    Octokit (0.30)
      SourceLink.Create.GitHub (>= 2.8)
    RestSharp (106.3.1)
    SourceLink.Create.GitHub (2.8.3)
    ToastNotifications (2.2.5)
