FRAMEWORK: NET46
NUGET
  remote: https://www.nuget.org/api/v2
    Atlassian.SDK (2.5)
    Exceptionless (4.0.1934)
    Exceptionless.Portable (4.0.1934)
      Exceptionless (>= 4.0.1934)
    Exceptionless.Windows (4.0.1934)
      Exceptionless (4.0.1934)
    Exceptionless.Wpf (4.0.1934)
      Exceptionless (4.0.1934)
    MahApps.Metro (1.5.0-alpha002)
    MahApps.Metro.IconPacks.Modern (1.7.1)
    Newtonsoft.Json (9.0.1)
    RestSharp (105.2.3)
