RESTRICTION: == net46
NUGET
  remote: https://www.nuget.org/api/v2
    Atlassian.SDK (2.5)
    ControlzEx (3.0.2.4)
    Exceptionless (4.3.2012)
    Exceptionless.Wpf (4.3.2012)
      Exceptionless (4.3.2012)
    FAKE (4.64.13)
    MahApps.Metro (1.6.5)
      ControlzEx (>= 3.0.2.4 < 4.0)
    MahApps.Metro.IconPacks.FontAwesome (2.3)
      ControlzEx (>= 3.0.2.4 < 4.0)
    Newtonsoft.Json (11.0.2)
    Octokit (0.32)
    RestSharp (106.4.1)
    System.ValueTuple (4.5)
    ToastNotifications (2.3.4)
