RESTRICTION: == net46
NUGET
  remote: https://www.nuget.org/api/v2
    Atlassian.SDK (2.5)
    ControlzEx (3.0.2.4)
    Exceptionless (4.2.1989)
    Exceptionless.Wpf (4.2.1989)
      Exceptionless (4.2.1989)
    FAKE (4.64.6)
    MahApps.Metro (1.6)
      ControlzEx (> 3.0.2 < 4.0)
    MahApps.Metro.IconPacks.Modern (2.0)
    Microsoft.NETCore.Platforms (2.0.1)
    Microsoft.Win32.Primitives (4.3)
    NETStandard.Library (2.0.1)
      Microsoft.NETCore.Platforms (>= 1.1)
      Microsoft.Win32.Primitives (>= 4.3)
      System.AppContext (>= 4.3)
      System.Console (>= 4.3)
      System.Globalization.Calendars (>= 4.3)
      System.IO.Compression (>= 4.3)
      System.IO.Compression.ZipFile (>= 4.3)
      System.IO.FileSystem (>= 4.3)
      System.IO.FileSystem.Primitives (>= 4.3)
      System.Net.Http (>= 4.3.2)
      System.Net.Sockets (>= 4.3)
      System.Runtime.InteropServices.RuntimeInformation (>= 4.3)
      System.Security.Cryptography.Algorithms (>= 4.3)
      System.Security.Cryptography.Encoding (>= 4.3)
      System.Security.Cryptography.Primitives (>= 4.3)
      System.Security.Cryptography.X509Certificates (>= 4.3)
      System.Xml.ReaderWriter (>= 4.3)
    Newtonsoft.Json (11.0.1)
    Octokit (0.29)
    RestSharp (106.2.1)
      System.ValueTuple (>= 4.4)
    System.AppContext (4.3)
    System.Console (4.3)
    System.Globalization.Calendars (4.3)
    System.IO.Compression (4.3)
    System.IO.Compression.ZipFile (4.3)
    System.IO.FileSystem (4.3)
      System.IO.FileSystem.Primitives (>= 4.3)
    System.IO.FileSystem.Primitives (4.3)
    System.Net.Http (4.3.3)
      System.Security.Cryptography.X509Certificates (>= 4.3)
    System.Net.Sockets (4.3)
    System.Runtime.InteropServices.RuntimeInformation (4.3)
    System.Security.Cryptography.Algorithms (4.3.1)
      System.Security.Cryptography.Primitives (>= 4.3)
    System.Security.Cryptography.Encoding (4.3)
    System.Security.Cryptography.Primitives (4.3)
    System.Security.Cryptography.X509Certificates (4.3.2)
      System.Security.Cryptography.Algorithms (>= 4.3)
      System.Security.Cryptography.Encoding (>= 4.3)
    System.ValueTuple (4.4)
      NETStandard.Library (>= 1.6.1)
    System.Xml.ReaderWriter (4.3.1)
GITHUB
  remote: fsharp/FAKE
    modules/Octokit/Octokit.fsx (a1a090e5db1d50c1ad549d076286716a9ed042bf)
      Octokit (>= 0.20)