RESTRICTION: == net48
NUGET
  remote: https://api.nuget.org/v3/index.json
    ControlzEx (4.4)
      Microsoft.Xaml.Behaviors.Wpf (>= 1.1.19)
    Exceptionless (4.6.2)
      System.Reflection.Metadata (>= 1.8.1)
      System.Threading.Tasks.Extensions (>= 4.5.4)
    Exceptionless.Wpf (4.6.2)
      Exceptionless (>= 4.6.2)
    FAKE (4.64.18)
    GoogleAnalyticsTracker.Core (7.0.1)
    GoogleAnalyticsTracker.Simple (7.0.1)
      GoogleAnalyticsTracker.Core (>= 7.0.1)
    MahApps.Metro (2.4.9)
      ControlzEx (>= 4.4 < 6.0)
    MahApps.Metro.IconPacks.FontAwesome (4.11)
    Microsoft.Bcl.AsyncInterfaces (6.0)
      System.Threading.Tasks.Extensions (>= 4.5.4)
    Microsoft.Xaml.Behaviors.Wpf (1.1.19)
    Newtonsoft.Json (13.0.1)
    Octokit (0.50)
    RestSharp (107.3)
      System.Text.Json (>= 5.0)
    System.Buffers (4.5.1)
    System.Collections.Immutable (6.0)
      System.Memory (>= 4.5.4)
      System.Runtime.CompilerServices.Unsafe (>= 6.0)
    System.Memory (4.5.4)
      System.Buffers (>= 4.5.1)
      System.Numerics.Vectors (>= 4.5)
      System.Runtime.CompilerServices.Unsafe (>= 4.5.3)
    System.Numerics.Vectors (4.5)
    System.Reflection.Metadata (6.0.1)
      System.Collections.Immutable (>= 6.0)
    System.Runtime.CompilerServices.Unsafe (6.0)
    System.Text.Encodings.Web (6.0)
      System.Buffers (>= 4.5.1)
      System.Memory (>= 4.5.4)
      System.Runtime.CompilerServices.Unsafe (>= 6.0)
    System.Text.Json (6.0.2)
      Microsoft.Bcl.AsyncInterfaces (>= 6.0)
      System.Buffers (>= 4.5.1)
      System.Memory (>= 4.5.4)
      System.Numerics.Vectors (>= 4.5)
      System.Runtime.CompilerServices.Unsafe (>= 6.0)
      System.Text.Encodings.Web (>= 6.0)
      System.Threading.Tasks.Extensions (>= 4.5.4)
      System.ValueTuple (>= 4.5)
    System.Threading.Tasks.Extensions (4.5.4)
      System.Runtime.CompilerServices.Unsafe (>= 4.5.3)
    System.ValueTuple (4.5)
    ToastNotifications (2.5.1)
