RESTRICTION: == net462
NUGET
  remote: https://www.nuget.org/api/v2
    Atlassian.SDK (2.5)
    ControlzEx (3.0.2.4)
    Exceptionless (4.2.1982)
    Exceptionless.Wpf (4.2.1982)
      Exceptionless (4.2.1982)
    FAKE (4.64.4)
    MahApps.Metro (1.6.0-alpha0184)
      ControlzEx (> 3.0.2 < 4.0)
    MahApps.Metro.IconPacks.Modern (2.0)
    Newtonsoft.Json (10.0.3)
    Octokit (0.28)
    RestSharp (106.2.1)
      System.ValueTuple (>= 4.4)
    System.ValueTuple (4.4)
GITHUB
  remote: fsharp/FAKE
    modules/Octokit/Octokit.fsx (df5735a1002c4b2326f419fbf97b0b11cb459fd3)
      Octokit (>= 0.20)