RESTRICTION: == net46
NUGET
  remote: https://www.nuget.org/api/v2
    Atlassian.SDK (2.5)
    ControlzEx (3.0.2.4)
    Exceptionless (4.1.1972)
    Exceptionless.Wpf (4.1.1972)
      Exceptionless (4.1.1972)
    FAKE (4.64.2)
    MahApps.Metro (1.6.0-alpha0184)
      ControlzEx (> 3.0.2 < 4.0)
    MahApps.Metro.IconPacks.Modern (1.9.1)
    Newtonsoft.Json (10.0.3)
    Octokit (0.28)
    RestSharp (106.1)
GITHUB
  remote: fsharp/FAKE
    modules/Octokit/Octokit.fsx (642a01a5e17b870f816cdd7ee09115e018b786f0)
      Octokit (>= 0.20)