FRAMEWORK: NET46
NUGET
  remote: https://www.nuget.org/api/v2
    Atlassian.SDK (2.5)
    Exceptionless (4.0.1886)
    Exceptionless.Portable (4.0.1886)
      Exceptionless (>= 4.0.1886)
    Exceptionless.Windows (4.0.1886)
      Exceptionless (4.0.1886)
    Exceptionless.Wpf (4.0.1886)
      Exceptionless (4.0.1886)
    MahApps.Metro (1.3.0-ALPHA179)
    Newtonsoft.Json (9.0.1)
    RestSharp (105.2.3)
