RESTRICTION: == net46
NUGET
  remote: https://www.nuget.org/api/v2
    Atlassian.SDK (2.5)
    ControlzEx (3.0.2.4)
    Exceptionless (4.2.1989)
    Exceptionless.Wpf (4.2.1989)
      Exceptionless (4.2.1989)
    FAKE (4.64.12)
    MahApps.Metro (1.6.1)
      ControlzEx (>= 3.0.2.4 < 4.0)
    MahApps.Metro.IconPacks.Modern (2.2)
      ControlzEx (>= 3.0.2.4 < 4.0)
    Newtonsoft.Json (11.0.2)
    Octokit (0.29)
    RestSharp (106.2.2)
    ToastNotifications (2.2.5)
GITHUB
  remote: fsharp/FAKE
    modules/Octokit/Octokit.fsx (e567c2e86f3292e23cacbb87473a1b44c0d30cda)
      Octokit (>= 0.20)