RESTRICTION: == net47
NUGET
  remote: https://www.nuget.org/api/v2
    ControlzEx (4.2.2)
      Microsoft.Xaml.Behaviors.Wpf (>= 1.1.19)
    Exceptionless (4.4)
    Exceptionless.Wpf (4.4)
      Exceptionless (>= 4.4)
    FAKE (4.64.18)
    MahApps.Metro (2.0.0-alpha0748)
      ControlzEx (>= 4.2.2 < 5.0)
    MahApps.Metro.IconPacks.FontAwesome (4.0)
    Microsoft.Xaml.Behaviors.Wpf (1.1.19)
    Newtonsoft.Json (12.0.3)
    Octokit (0.47)
    RestSharp (106.10.1)
    System.ValueTuple (4.5)
    ToastNotifications (2.5.1)
