NUGET
  remote: https://www.nuget.org/api/v2
  specs:
    Atlassian.SDK (2.5)
    CommonServiceLocator (1.3) - framework: >= net40, monoandroid, portable-net45+win8+wp8+wpa81, xamarinios, winv4.5.1, wpv8.0, wpv8.1, wpav8.1, sl50
    Exceptionless.Portable (3.5.1738)
    Exceptionless.Windows (3.5.1738)
      Exceptionless.Portable (3.5.1738)
    Exceptionless.Wpf (3.5.1738)
      Exceptionless.Portable (3.5.1738)
    MahApps.Metro (1.3.0-ALPHA154)
    MvvmLightLibs (5.3)
      CommonServiceLocator (>= 1.0) - framework: net35
      CommonServiceLocator (>= 1.3) - framework: >= net40, monoandroid, portable-net45+win8+wp8+wpa81, xamarinios, winv4.5.1, wpv8.0, wpv8.1, wpav8.1, sl50
    Newtonsoft.Json (8.0.3)
    RestSharp (105.2.3)
