RESTRICTION: == net48
NUGET
  remote: https://api.nuget.org/v3/index.json
    ControlzEx (4.4)
      Microsoft.Xaml.Behaviors.Wpf (>= 1.1.19)
    Exceptionless (4.6.2)
      System.Reflection.Metadata (>= 1.8.1)
      System.Threading.Tasks.Extensions (>= 4.5.4)
    Exceptionless.Wpf (4.6.2)
      Exceptionless (>= 4.6.2)
    FAKE (4.64.18)
    GoogleAnalyticsTracker.Core (6.0.5)
    GoogleAnalyticsTracker.Simple (6.0.5)
      GoogleAnalyticsTracker.Core (>= 6.0.5)
    MahApps.Metro (2.4.4)
      ControlzEx (>= 4.4)
    MahApps.Metro.IconPacks.FontAwesome (4.8)
    Microsoft.Xaml.Behaviors.Wpf (1.1.31)
    Newtonsoft.Json (12.0.3)
    Octokit (0.50)
    RestSharp (106.11.7)
    System.Buffers (4.5.1)
    System.Collections.Immutable (5.0)
      System.Memory (>= 4.5.4)
    System.Memory (4.5.4)
      System.Buffers (>= 4.5.1)
      System.Numerics.Vectors (>= 4.5)
      System.Runtime.CompilerServices.Unsafe (>= 4.5.3)
    System.Numerics.Vectors (4.5)
    System.Reflection.Metadata (5.0)
      System.Collections.Immutable (>= 5.0)
    System.Runtime.CompilerServices.Unsafe (5.0)
    System.Threading.Tasks.Extensions (4.5.4)
      System.Runtime.CompilerServices.Unsafe (>= 4.5.3)
    ToastNotifications (2.5.1)
