NUGET
  remote: https://nuget.org/api/v2
  specs:
    Exceptionless (1.5.2064)
    Exceptionless.Windows (1.5.2064)
      Exceptionless (1.5.2064)
    Newtonsoft.Json (6.0.5)
    RestSharp (104.4.0)
